PATH
  remote: .
  specs:
    journey_paywall (1.0.8)
      activerecord (~> 2.3.5)
      google4r-checkout (= 1.1.0)

GEM
  remote: http://rubygems.org/
  specs:
    activerecord (2.3.14)
      activesupport (= 2.3.14)
    activesupport (2.3.14)
    google4r-checkout (1.1.0)
      money (>= 2.3.0)
    i18n (0.6.0)
    json (1.6.3)
    money (4.0.1)
      i18n (~> 0.4)
      json
    rcov (0.9.9)
    shoulda (2.11.3)

PLATFORMS
  ruby

DEPENDENCIES
  journey_paywall!
  rcov
  shoulda
